GEM
  remote: http://rubygems.org/
  specs:
    amq-protocol (1.9.2)
    bson (1.10.0)
    bunny (1.2.1)
      amq-protocol (>= 1.9.2)
    cf-app-utils (0.2)
    mongo (1.10.0)
      bson (~> 1.10.0)
    pg (0.17.1)
    rack (1.6.13)
    rack-protection (1.5.3)
      rack
    redis (3.0.7)
    sinatra (1.4.5)
      rack (~> 1.4)
      rack-protection (~> 1.4)
      tilt (~> 1.3, >= 1.3.4)
    tilt (1.4.1)

PLATFORMS
  ruby

DEPENDENCIES
  bunny
  cf-app-utils
  mongo
  pg
  redis
  sinatra
