GEM
  remote: http://rubygems.org/
  specs:
    amq-protocol (1.9.2)
    bson (1.10.0)
    bunny (1.2.1)
      amq-protocol (>= 1.9.2)
    cf-app-utils (0.2)
    mongo (1.10.0)
      bson (~> 1.10.0)
    mustermann (1.1.1)
      ruby2_keywords (~> 0.0.1)
    pg (0.17.1)
    rack (2.2.3)
    rack-protection (2.2.0)
      rack
    redis (3.0.7)
    ruby2_keywords (0.0.5)
    sinatra (2.2.0)
      mustermann (~> 1.0)
      rack (~> 2.2)
      rack-protection (= 2.2.0)
      tilt (~> 2.0)
    tilt (2.0.10)

PLATFORMS
  ruby

DEPENDENCIES
  bunny
  cf-app-utils
  mongo
  pg
  redis
  sinatra
